GEM
  remote: https://rubygems.org/
  specs:
    parity (3.3.0)

PLATFORMS
  ruby

DEPENDENCIES
  parity

BUNDLED WITH
   2.1.4
