GEM
  remote: https://rubygems.org/
  specs:
    colorize (0.7.7)
    flight_plan_cli (0.4.3)
      colorize (~> 0.7.3)
      git (~> 1.3.0)
      httparty (~> 0.13.1)
      thor (~> 0.20.0)
    git (1.3.0)
    httparty (0.13.7)
      json (~> 1.8)
      multi_xml (>= 0.5.2)
    json (1.8.6)
    multi_xml (0.6.0)
    thor (0.20.3)

PLATFORMS
  ruby

DEPENDENCIES
  flight_plan_cli

BUNDLED WITH
   1.17.3
